GIT
  remote: https://github.com/sergio1990/alpaca-device.git
  revision: 4877d6699eebc4efb00da42f61d0de0f47cf4d07
  tag: v0.1.3
  specs:
    alpaca_device (0.1.3)
      grape (= 1.6.2)

GIT
  remote: https://github.com/sergio1990/raspi-gpio-rb.git
  revision: 5a85dde580886f89c799094a226deff4b8811d58
  tag: v2.1.0
  specs:
    raspi-gpio (2.1.0)

GIT
  remote: https://github.com/sergio1990/stepper_rpi.git
  revision: d986ee78ece7e7b1a453c399b661802bfbd1bad2
  tag: v0.3.0
  specs:
    stepper_rpi (0.2.2)

GEM
  remote: https://rubygems.org/
  specs:
    activesupport (7.0.4.2)
      concurrent-ruby (~> 1.0, >= 1.0.2)
      i18n (>= 1.6, < 2)
      minitest (>= 5.1)
      tzinfo (~> 2.0)
    builder (3.2.4)
    concurrent-ruby (1.2.0)
    dry-core (1.0.0)
      concurrent-ruby (~> 1.0)
      zeitwerk (~> 2.6)
    dry-inflector (1.0.0)
    dry-logic (1.5.0)
      concurrent-ruby (~> 1.0)
      dry-core (~> 1.0, < 2)
      zeitwerk (~> 2.6)
    dry-types (1.7.0)
      concurrent-ruby (~> 1.0)
      dry-core (~> 1.0, < 2)
      dry-inflector (~> 1.0, < 2)
      dry-logic (>= 1.4, < 2)
      zeitwerk (~> 2.6)
    foreman (0.87.2)
    grape (1.6.2)
      activesupport
      builder
      dry-types (>= 1.1)
      mustermann-grape (~> 1.0.0)
      rack (>= 1.3.0)
      rack-accept
    i18n (1.12.0)
      concurrent-ruby (~> 1.0)
    minitest (5.17.0)
    mustermann (3.0.0)
      ruby2_keywords (~> 0.0.1)
    mustermann-grape (1.0.2)
      mustermann (>= 1.0.0)
    nio4r (2.5.8)
    puma (5.6.4)
      nio4r (~> 2.0)
    rack (3.0.4.1)
    rack-accept (0.4.5)
      rack (>= 0.4)
    rackup (2.1.0)
      rack (>= 3)
      webrick (~> 1.8)
    ruby2_keywords (0.0.5)
    tzinfo (2.0.6)
      concurrent-ruby (~> 1.0)
    webrick (1.8.1)
    zeitwerk (2.6.7)

PLATFORMS
  armv6l-linux-eabihf
  x86_64-darwin-21
  x86_64-linux

DEPENDENCIES
  alpaca_device!
  foreman
  puma
  rackup
  raspi-gpio!
  stepper_rpi!

BUNDLED WITH
   2.3.7
