GIT
  remote: https://github.com/sergio1990/alpaca-device.git
  revision: 3f6c31e5daaec198b74adbe47e7d6a231f2b9962
  specs:
    alpaca_device (0.1.0)
      grape (= 1.6.2)

GIT
  remote: https://github.com/sergio1990/stepper_rpi.git
  revision: 19cb156d8ac6661a4c74ddcfa0748852ea01d275
  specs:
    stepper_rpi (0.2.0)

GEM
  remote: https://rubygems.org/
  specs:
    activesupport (7.0.3.1)
      concurrent-ruby (~> 1.0, >= 1.0.2)
      i18n (>= 1.6, < 2)
      minitest (>= 5.1)
      tzinfo (~> 2.0)
    builder (3.2.4)
    concurrent-ruby (1.1.10)
    dry-container (0.10.0)
      concurrent-ruby (~> 1.0)
    dry-core (0.8.0)
      concurrent-ruby (~> 1.0)
    dry-inflector (0.3.0)
    dry-logic (1.2.0)
      concurrent-ruby (~> 1.0)
      dry-core (~> 0.5, >= 0.5)
    dry-types (1.5.1)
      concurrent-ruby (~> 1.0)
      dry-container (~> 0.3)
      dry-core (~> 0.5, >= 0.5)
      dry-inflector (~> 0.1, >= 0.1.2)
      dry-logic (~> 1.0, >= 1.0.2)
    foreman (0.87.2)
    grape (1.6.2)
      activesupport
      builder
      dry-types (>= 1.1)
      mustermann-grape (~> 1.0.0)
      rack (>= 1.3.0)
      rack-accept
    i18n (1.12.0)
      concurrent-ruby (~> 1.0)
    minitest (5.16.2)
    mustermann (1.1.1)
      ruby2_keywords (~> 0.0.1)
    mustermann-grape (1.0.2)
      mustermann (>= 1.0.0)
    nio4r (2.5.8)
    puma (5.6.4)
      nio4r (~> 2.0)
    rack (2.2.4)
    rack-accept (0.4.5)
      rack (>= 0.4)
    raspi-gpio (1.0.1)
    ruby2_keywords (0.0.5)
    tzinfo (2.0.4)
      concurrent-ruby (~> 1.0)

PLATFORMS
  armv6l-linux-eabihf
  x86_64-linux

DEPENDENCIES
  alpaca_device!
  foreman
  puma
  raspi-gpio
  stepper_rpi!

BUNDLED WITH
   2.3.7
